PATH
  remote: .
  specs:
    gold_miner (0.1.0)
      async (~> 2.6)
      dotenv (~> 2.8.0)
      dry-monads (~> 1.6)
      ruby-openai (~> 5.0)
      slack-ruby-client (~> 2.x)
      zeitwerk (~> 2.6.6)

GEM
  remote: https://rubygems.org/
  specs:
    addressable (2.8.6)
      public_suffix (>= 2.0.2, < 6.0)
    ast (2.4.2)
    async (2.18.0)
      console (~> 1.26)
      fiber-annotation
      io-event (~> 1.6, >= 1.6.5)
    bigdecimal (3.1.8)
    concurrent-ruby (1.1.10)
    console (1.27.0)
      fiber-annotation
      fiber-local (~> 1.1)
      json
    crack (1.0.0)
      bigdecimal
      rexml
    diff-lcs (1.5.1)
    docile (1.4.0)
    dotenv (2.8.1)
    dry-core (1.0.0)
      concurrent-ruby (~> 1.0)
      zeitwerk (~> 2.6)
    dry-monads (1.6.0)
      concurrent-ruby (~> 1.0)
      dry-core (~> 1.0, < 2)
      zeitwerk (~> 2.6)
    event_stream_parser (0.3.0)
    faraday (2.10.1)
      faraday-net_http (>= 2.0, < 3.2)
      logger
    faraday-mashify (0.1.1)
      faraday (~> 2.0)
      hashie
    faraday-multipart (1.0.4)
      multipart-post (~> 2)
    faraday-net_http (3.1.1)
      net-http
    fiber-annotation (0.2.0)
    fiber-local (1.1.0)
      fiber-storage
    fiber-storage (1.0.0)
    gli (2.21.5)
    hashdiff (1.1.0)
    hashie (5.0.0)
    io-event (1.7.3)
    json (2.7.5)
    language_server-protocol (3.17.0.3)
    lint_roller (1.1.0)
    logger (1.6.0)
    multipart-post (2.4.1)
    net-http (0.4.1)
      uri
    parallel (1.26.3)
    parser (3.3.4.2)
      ast (~> 2.4.1)
      racc
    public_suffix (5.0.5)
    racc (1.8.1)
    rainbow (3.1.1)
    rake (13.2.1)
    regexp_parser (2.9.2)
    rexml (3.3.6)
      strscan
    rspec (3.13.0)
      rspec-core (~> 3.13.0)
      rspec-expectations (~> 3.13.0)
      rspec-mocks (~> 3.13.0)
    rspec-core (3.13.0)
      rspec-support (~> 3.13.0)
    rspec-expectations (3.13.0)
      diff-lcs (>= 1.2.0, < 2.0)
      rspec-support (~> 3.13.0)
    rspec-mocks (3.13.0)
      diff-lcs (>= 1.2.0, < 2.0)
      rspec-support (~> 3.13.0)
    rspec-support (3.13.1)
    rubocop (1.65.1)
      json (~> 2.3)
      language_server-protocol (>= 3.17.0)
      parallel (~> 1.10)
      parser (>= 3.3.0.2)
      rainbow (>= 2.2.2, < 4.0)
      regexp_parser (>= 2.4, < 3.0)
      rexml (>= 3.2.5, < 4.0)
      rubocop-ast (>= 1.31.1, < 2.0)
      ruby-progressbar (~> 1.7)
      unicode-display_width (>= 2.4.0, < 3.0)
    rubocop-ast (1.32.1)
      parser (>= 3.3.1.0)
    rubocop-performance (1.21.1)
      rubocop (>= 1.48.1, < 2.0)
      rubocop-ast (>= 1.31.1, < 2.0)
    ruby-openai (5.2.0)
      event_stream_parser (>= 0.3.0, < 1.0.0)
      faraday (>= 1)
      faraday-multipart (>= 1)
    ruby-progressbar (1.13.0)
    simplecov (0.22.0)
      docile (~> 1.1)
      simplecov-html (~> 0.11)
      simplecov_json_formatter (~> 0.1)
    simplecov-html (0.12.3)
    simplecov_json_formatter (0.1.4)
    slack-ruby-client (2.4.0)
      faraday (>= 2.0)
      faraday-mashify
      faraday-multipart
      gli
      hashie
    standard (1.40.0)
      language_server-protocol (~> 3.17.0.2)
      lint_roller (~> 1.0)
      rubocop (~> 1.65.0)
      standard-custom (~> 1.0.0)
      standard-performance (~> 1.4)
    standard-custom (1.0.2)
      lint_roller (~> 1.0)
      rubocop (~> 1.50)
    standard-performance (1.4.0)
      lint_roller (~> 1.1)
      rubocop-performance (~> 1.21.0)
    strscan (3.1.0)
    timecop (0.9.10)
    unicode-display_width (2.5.0)
    uri (0.13.0)
    webmock (3.23.1)
      addressable (>= 2.8.0)
      crack (>= 0.3.2)
      hashdiff (>= 0.4.0, < 2.0.0)
    zeitwerk (2.6.17)

PLATFORMS
  ruby

DEPENDENCIES
  gold_miner!
  rake (~> 13.2)
  rspec (~> 3.13)
  simplecov
  standard (~> 1.40)
  timecop
  webmock

BUNDLED WITH
   2.4.1
